RESTRICTION: >= net461
NUGET
  remote: https://www.nuget.org/api/v2
    FAKE (4.63.2)
    FSharp.Core (4.2.3)
    FSharp.Data (2.4.2)
    Microsoft.Azure.KeyVault.Core (3.0)
    Microsoft.WindowsAzure.ConfigurationManager (3.2.3)
    Newtonsoft.Json (11.0.2)
    WindowsAzure.Storage (9.3.2)
      Microsoft.Azure.KeyVault.Core (>= 1.0)
      Newtonsoft.Json (>= 10.0.2)
